GEM
  remote: http://rubygems.org/
  specs:
    actioncable (7.0.3)
      actionpack (= 7.0.3)
      activesupport (= 7.0.3)
      nio4r (~> 2.0)
      websocket-driver (>= 0.6.1)
    actionmailbox (7.0.3)
      actionpack (= 7.0.3)
      activejob (= 7.0.3)
      activerecord (= 7.0.3)
      activestorage (= 7.0.3)
      activesupport (= 7.0.3)
      mail (>= 2.7.1)
      net-imap
      net-pop
      net-smtp
    actionmailer (7.0.3)
      actionpack (= 7.0.3)
      actionview (= 7.0.3)
      activejob (= 7.0.3)
      activesupport (= 7.0.3)
      mail (~> 2.5, >= 2.5.4)
      net-imap
      net-pop
      net-smtp
      rails-dom-testing (~> 2.0)
    actionpack (7.0.3)
      actionview (= 7.0.3)
      activesupport (= 7.0.3)
      rack (~> 2.0, >= 2.2.0)
      rack-test (>= 0.6.3)
      rails-dom-testing (~> 2.0)
      rails-html-sanitizer (~> 1.0, >= 1.2.0)
    actiontext (7.0.3)
      actionpack (= 7.0.3)
      activerecord (= 7.0.3)
      activestorage (= 7.0.3)
      activesupport (= 7.0.3)
      globalid (>= 0.6.0)
      nokogiri (>= 1.8.5)
    actionview (7.0.3)
      activesupport (= 7.0.3)
      builder (~> 3.1)
      erubi (~> 1.4)
      rails-dom-testing (~> 2.0)
      rails-html-sanitizer (~> 1.1, >= 1.2.0)
    activejob (7.0.3)
      activesupport (= 7.0.3)
      globalid (>= 0.3.6)
    activemodel (7.0.3)
      activesupport (= 7.0.3)
    activerecord (7.0.3)
      activemodel (= 7.0.3)
      activesupport (= 7.0.3)
    activestorage (7.0.3)
      actionpack (= 7.0.3)
      activejob (= 7.0.3)
      activerecord (= 7.0.3)
      activesupport (= 7.0.3)
      marcel (~> 1.0)
      mini_mime (>= 1.1.0)
    activesupport (7.0.3)
      concurrent-ruby (~> 1.0, >= 1.0.2)
      i18n (>= 1.6, < 2)
      minitest (>= 5.1)
      tzinfo (~> 2.0)
    addressable (2.3.5)
    blankslate (3.1.2)
    builder (3.2.2)
    concurrent-ruby (1.1.10)
    crass (1.0.6)
    curb (0.7.18)
    daemon_controller (1.1.5)
    darkfish-rdoc (1.1.5)
      rdoc (>= 2.1.0)
    datacite_doi_ify (1.0.0)
      rest-client (~> 1.7)
    delayed_job (4.1.10)
      activesupport (>= 3.0, < 8.0)
    digest (3.1.0)
    domain_name (0.5.24)
      unf (>= 0.0.5, < 1.0.0)
    dsl_accessor (0.4.3)
      blankslate (>= 2.1.2)
      optionize (>= 0.1.0)
    ebnf (0.3.1)
      rdf
      sxp
    encrypted_attributes (0.4.1)
      encrypted_strings (>= 0.3.3)
    encrypted_strings (0.3.3)
    erubi (1.10.0)
    fastthread (1.0.7)
    ffi (1.9.3)
    globalid (1.0.0)
      activesupport (>= 5.0)
    htmlentities (4.3.1)
    http-cookie (1.0.2)
      domain_name (~> 0.5)
    i18n (1.10.0)
      concurrent-ruby (~> 1.0)
    json (1.8.0)
    libxml-ruby (2.7.0)
    loofah (2.18.0)
      crass (~> 1.0.2)
      nokogiri (>= 1.5.9)
    mail (2.7.1)
      mini_mime (>= 0.1.1)
    marc (0.4.4)
    marcel (1.0.2)
    method_source (1.0.0)
    mime-types (2.6.1)
    mini_mime (1.1.2)
    mini_portile2 (2.8.0)
    minitest (5.16.0)
    mysql2 (0.2.24)
    net-http-persistent (2.9)
    net-imap (0.2.3)
      digest
      net-protocol
      strscan
    net-pop (0.1.1)
      digest
      net-protocol
      timeout
    net-protocol (0.1.3)
      timeout
    net-smtp (0.3.1)
      digest
      net-protocol
      timeout
    netrc (0.10.3)
    nio4r (2.5.8)
    nokogiri (1.13.6)
      mini_portile2 (~> 2.8.0)
      racc (~> 1.4)
    oauth (0.4.7)
    open_id_authentication (1.1.0)
      rack-openid (~> 1.3)
    openurl (0.2.3)
      marc
    optionize (0.1.1)
    passenger (3.0.21)
      daemon_controller (>= 1.0.0)
      fastthread (>= 1.0.1)
      rack
      rake (>= 0.8.1)
    pr_geohash (1.0.0)
    racc (1.6.0)
    rack (2.2.3.1)
    rack-openid (1.3.1)
      rack (>= 1.1.0)
      ruby-openid (>= 2.1.8)
    rack-test (1.1.0)
      rack (>= 1.0, < 3)
    rails (7.0.3)
      actioncable (= 7.0.3)
      actionmailbox (= 7.0.3)
      actionmailer (= 7.0.3)
      actionpack (= 7.0.3)
      actiontext (= 7.0.3)
      actionview (= 7.0.3)
      activejob (= 7.0.3)
      activemodel (= 7.0.3)
      activerecord (= 7.0.3)
      activestorage (= 7.0.3)
      activesupport (= 7.0.3)
      bundler (>= 1.15.0)
      railties (= 7.0.3)
    rails-dom-testing (2.0.3)
      activesupport (>= 4.2.0)
      nokogiri (>= 1.6)
    rails-html-sanitizer (1.4.3)
      loofah (~> 2.3)
    railties (7.0.3)
      actionpack (= 7.0.3)
      activesupport (= 7.0.3)
      method_source
      rake (>= 12.2)
      thor (~> 1.0)
      zeitwerk (~> 2.5)
    rake (13.0.6)
    rdf (1.0.8)
      addressable (>= 2.2)
    rdf-n3 (1.0.2)
      rdf (>= 1.0.7)
    rdf-raptor (1.0.1)
      ffi (>= 1.0)
      rdf (>= 1.0.0)
    rdf-turtle (1.0.9)
      ebnf (>= 0.3.0)
      rdf (>= 1.0.7)
    rdoc (4.0.1)
      json (~> 1.4)
    recaptcha (0.3.6)
    rest-client (1.8.0)
      http-cookie (>= 1.0.2, < 2.0)
      mime-types (>= 1.16, < 3.0)
      netrc (~> 0.7)
    rmagick (2.16.0)
    rsolr (1.0.9)
      builder (>= 2.1.2)
    ruby-hmac (0.4.0)
    ruby-openid (2.1.8)
    rubyzip (0.9.9)
    sanitize (2.0.6)
      nokogiri (>= 1.4.4)
    simple-rss (1.2.3)
    strscan (3.0.3)
    sunspot (2.0.0)
      pr_geohash (~> 1.0)
      rsolr (~> 1.0.7)
    sunspot_rails (2.0.0)
      nokogiri
      sunspot (= 2.0.0)
    sunspot_solr (2.0.0)
    sxp (0.1.3)
      json (>= 1.1.1)
    taverna-scufl (0.7.2)
      darkfish-rdoc (>= 1.1.5)
      rdoc (>= 2.4.3)
    taverna-t2flow (0.5.1)
      libxml-ruby (>= 1.1.4)
    thor (1.2.1)
    timeout (0.3.0)
    tzinfo (2.0.4)
      concurrent-ruby (~> 1.0)
    unf (0.1.4)
      unf_ext
    unf_ext (0.0.7.1)
    websocket-driver (0.7.5)
      websocket-extensions (>= 0.1.0)
    websocket-extensions (0.1.5)
    wf4ever-transformation-client (0.3.1)
    will_paginate (2.3.16)
    zeitwerk (2.6.0)

PLATFORMS
  ruby

DEPENDENCIES
  curb (~> 0.7.8)
  datacite_doi_ify
  delayed_job (~> 4.1.10)
  dsl_accessor (~> 0.4.0)
  encrypted_attributes (~> 0.4.1)
  encrypted_strings (~> 0.3.3)
  htmlentities (~> 4.3.1)
  libxml-ruby (~> 2.7.0)
  marc (~> 0.4.3)
  mysql2 (~> 0.2.24)
  net-http-persistent (~> 2.8)
  oauth (~> 0.4.3)
  open_id_authentication (~> 1.1.0)
  openurl (~> 0.2.0)
  passenger (~> 3.0.19)
  rails (= 7.0.3)
  rdf (~> 1.0.6)
  rdf-n3 (~> 1.0.0)
  rdf-raptor (~> 1.0.1)
  rdf-turtle (~> 1.0.6)
  recaptcha (~> 0.3.4)
  rmagick (~> 2.16.0)
  ruby-hmac (~> 0.4.0)
  ruby-openid (~> 2.1.8)
  rubyzip (~> 0.9.4)
  sanitize (~> 2.0.6)
  simple-rss (~> 1.2.3)
  sunspot_rails (~> 2.0.0)
  sunspot_solr (~> 2.0.0)
  taverna-scufl (~> 0.7.2)
  taverna-t2flow (~> 0.5.0)
  wf4ever-transformation-client (~> 0.3.0)
  will_paginate (~> 2.3.16)

BUNDLED WITH
   1.15.4
