GEM
  remote: http://rubygems.org/
  specs:
    actionmailer (2.3.18)
      actionpack (= 2.3.18)
    actionpack (2.3.18)
      activesupport (= 2.3.18)
      rack (~> 1.1.0)
    activerecord (2.3.18)
      activesupport (= 2.3.18)
    activeresource (2.3.18)
      activesupport (= 2.3.18)
    activesupport (2.3.18)
    addressable (2.3.5)
    blankslate (3.1.2)
    builder (3.2.2)
    curb (0.7.18)
    daemon_controller (1.1.5)
    daemons (1.0.10)
    darkfish-rdoc (1.1.5)
      rdoc (>= 2.1.0)
    datacite_doi_ify (1.0.0)
      rest-client (~> 1.7)
    delayed_job (2.0.8)
      activesupport (~> 2.0)
      daemons (= 1.0.10)
    domain_name (0.5.24)
      unf (>= 0.0.5, < 1.0.0)
    dsl_accessor (0.4.3)
      blankslate (>= 2.1.2)
      optionize (>= 0.1.0)
    ebnf (0.3.1)
      rdf
      sxp
    encrypted_attributes (0.4.1)
      encrypted_strings (>= 0.3.3)
    encrypted_strings (0.3.3)
    fastthread (1.0.7)
    ffi (1.9.3)
    htmlentities (4.3.1)
    http-cookie (1.0.2)
      domain_name (~> 0.5)
    json (1.8.0)
    libxml-ruby (2.7.0)
    marc (0.4.4)
    mime-types (2.6.1)
    mini_portile2 (2.8.0)
    mysql2 (0.2.24)
    net-http-persistent (2.9)
    netrc (0.10.3)
    nokogiri (1.13.3)
      mini_portile2 (~> 2.8.0)
      racc (~> 1.4)
    oauth (0.4.7)
    open_id_authentication (1.1.0)
      rack-openid (~> 1.3)
    openurl (0.2.3)
      marc
    optionize (0.1.1)
    passenger (3.0.21)
      daemon_controller (>= 1.0.0)
      fastthread (>= 1.0.1)
      rack
      rake (>= 0.8.1)
    pr_geohash (1.0.0)
    racc (1.6.0)
    rack (1.1.6)
    rack-openid (1.3.1)
      rack (>= 1.1.0)
      ruby-openid (>= 2.1.8)
    rails (2.3.18)
      actionmailer (= 2.3.18)
      actionpack (= 2.3.18)
      activerecord (= 2.3.18)
      activeresource (= 2.3.18)
      activesupport (= 2.3.18)
      rake (>= 0.8.3)
    rake (10.1.0)
    rdf (1.0.8)
      addressable (>= 2.2)
    rdf-n3 (1.0.2)
      rdf (>= 1.0.7)
    rdf-raptor (1.0.1)
      ffi (>= 1.0)
      rdf (>= 1.0.0)
    rdf-turtle (1.0.9)
      ebnf (>= 0.3.0)
      rdf (>= 1.0.7)
    rdoc (4.0.1)
      json (~> 1.4)
    recaptcha (0.3.6)
    rest-client (1.8.0)
      http-cookie (>= 1.0.2, < 2.0)
      mime-types (>= 1.16, < 3.0)
      netrc (~> 0.7)
    rmagick (2.16.0)
    rsolr (1.0.9)
      builder (>= 2.1.2)
    ruby-hmac (0.4.0)
    ruby-openid (2.1.8)
    rubyzip (0.9.9)
    sanitize (2.0.6)
      nokogiri (>= 1.4.4)
    simple-rss (1.2.3)
    sunspot (2.0.0)
      pr_geohash (~> 1.0)
      rsolr (~> 1.0.7)
    sunspot_rails (2.0.0)
      nokogiri
      sunspot (= 2.0.0)
    sunspot_solr (2.0.0)
    sxp (0.1.3)
      json (>= 1.1.1)
    taverna-scufl (0.7.2)
      darkfish-rdoc (>= 1.1.5)
      rdoc (>= 2.4.3)
    taverna-t2flow (0.5.1)
      libxml-ruby (>= 1.1.4)
    unf (0.1.4)
      unf_ext
    unf_ext (0.0.7.1)
    wf4ever-transformation-client (0.3.1)
    will_paginate (2.3.16)

PLATFORMS
  ruby

DEPENDENCIES
  curb (~> 0.7.8)
  datacite_doi_ify
  delayed_job (~> 2.0.4)
  dsl_accessor (~> 0.4.0)
  encrypted_attributes (~> 0.4.1)
  encrypted_strings (~> 0.3.3)
  htmlentities (~> 4.3.1)
  libxml-ruby (~> 2.7.0)
  marc (~> 0.4.3)
  mysql2 (~> 0.2.24)
  net-http-persistent (~> 2.8)
  oauth (~> 0.4.3)
  open_id_authentication (~> 1.1.0)
  openurl (~> 0.2.0)
  passenger (~> 3.0.19)
  rails (= 2.3.18)
  rdf (~> 1.0.6)
  rdf-n3 (~> 1.0.0)
  rdf-raptor (~> 1.0.1)
  rdf-turtle (~> 1.0.6)
  recaptcha (~> 0.3.4)
  rmagick (~> 2.16.0)
  ruby-hmac (~> 0.4.0)
  ruby-openid (~> 2.1.8)
  rubyzip (~> 0.9.4)
  sanitize (~> 2.0.6)
  simple-rss (~> 1.2.3)
  sunspot_rails (~> 2.0.0)
  sunspot_solr (~> 2.0.0)
  taverna-scufl (~> 0.7.2)
  taverna-t2flow (~> 0.5.0)
  wf4ever-transformation-client (~> 0.3.0)
  will_paginate (~> 2.3.16)

BUNDLED WITH
   1.15.4
