GIT
  remote: git://github.com/SysMO-DB/white_list.git
  revision: 3f9798ec54f227e852b944bb14f6f90d05cde893
  specs:
    white_list (1.0.0)

GIT
  remote: git://github.com/marcandre/auto_complete.git
  revision: 86ec4c21c2736ebe8f16f3684afb457fe25ae2d5
  specs:
    auto_complete (0.0.2)
      rails (>= 3.1)

GIT
  remote: git://github.com/myExperiment/white_list_formatted_content.git
  revision: fa9e55bfa1beeff07d0637ee935c2c7c80022964
  specs:
    white_list_formatted_content (1.0.2)

GEM
  remote: http://rubygems.org/
  specs:
    RedCloth (4.2.9)
    actionmailer (3.2.17)
      actionpack (= 3.2.17)
      mail (~> 2.5.4)
    actionpack (3.2.17)
      activemodel (= 3.2.17)
      activesupport (= 3.2.17)
      builder (~> 3.0.0)
      erubis (~> 2.7.0)
      journey (~> 1.0.4)
      rack (~> 1.4.5)
      rack-cache (~> 1.2)
      rack-test (~> 0.6.1)
      sprockets (~> 2.2.1)
    activemodel (3.2.17)
      activesupport (= 3.2.17)
      builder (~> 3.0.0)
    activerecord (3.2.17)
      activemodel (= 3.2.17)
      activesupport (= 3.2.17)
      arel (~> 3.0.2)
      tzinfo (~> 0.3.29)
    activeresource (3.2.17)
      activemodel (= 3.2.17)
      activesupport (= 3.2.17)
    activesupport (3.2.17)
      i18n (~> 0.6, >= 0.6.4)
      multi_json (~> 1.0)
    acts-as-taggable-on (3.2.6)
      activerecord (>= 3, < 5)
    acts_as_commentable (4.0.1)
    arel (3.0.3)
    attr_encrypted (1.3.3)
      encryptor (>= 1.3.0)
    blankslate (3.1.3)
    builder (3.0.4)
    country-select (1.1.1)
    curb (0.7.18)
    daemon_controller (1.2.0)
    daemons (1.1.9)
    darkfish-rdoc (1.1.5)
      rdoc (>= 2.1.0)
    delayed_job (4.0.2)
      activesupport (>= 3.0, < 4.2)
    delayed_job_active_record (4.0.1)
      activerecord (>= 3.0, < 4.2)
      delayed_job (>= 3.0, < 4.1)
    dsl_accessor (0.4.4)
      blankslate (>= 2.1.2)
      optionize (>= 0.1.0)
    ebnf (0.3.6)
      haml (~> 4.0)
      rdf (~> 1.1)
      sxp (~> 0.1, >= 0.1.3)
    encrypted_strings (0.3.3)
    encryptor (1.3.0)
    erubis (2.7.0)
    eventmachine (1.0.3)
    faraday (0.9.0)
      multipart-post (>= 1.2, < 3)
    fastthread (1.0.7)
    ffi (1.9.3)
    haml (4.0.5)
      tilt
    hike (1.2.3)
    htmlentities (4.3.2)
    i18n (0.6.9)
    journey (1.0.4)
    jquery-rails (2.3.0)
      railties (>= 3.0, < 5.0)
      thor (>= 0.14, < 2.0)
    json (1.8.1)
    jwt (1.0.0)
    libxml-ruby (2.7.0)
    mail (2.5.4)
      mime-types (~> 1.16)
      treetop (~> 1.4.8)
    marc (0.4.4)
    mime-types (1.25.1)
    mini_portile (0.6.0)
    multi_json (1.10.1)
    multi_xml (0.5.5)
    multipart-post (2.0.0)
    mysql2 (0.3.16)
    net-http-persistent (2.9.4)
    nokogiri (1.6.2.1)
      mini_portile (= 0.6.0)
    oauth (0.4.7)
    oauth-plugin (0.4.1)
      multi_json
      oauth (~> 0.4.4)
      oauth2 (>= 0.5.0)
      rack
    oauth2 (0.9.4)
      faraday (>= 0.8, < 0.10)
      jwt (~> 1.0)
      multi_json (~> 1.3)
      multi_xml (~> 0.5)
      rack (~> 1.2)
    open_id_authentication (1.2.0)
      rack-openid (~> 1.3)
    openurl (0.2.3)
      marc
    optionize (0.1.1)
    passenger (3.0.21)
      daemon_controller (>= 1.0.0)
      fastthread (>= 1.0.1)
      rack
      rake (>= 0.8.1)
    polyglot (0.3.5)
    pr_geohash (1.0.0)
    prototype-rails (3.2.1)
      rails (~> 3.2)
    psych (2.0.5)
    rack (1.4.5)
    rack-cache (1.2)
      rack (>= 0.4)
    rack-openid (1.4.2)
      rack (>= 1.1.0)
      ruby-openid (>= 2.1.8)
    rack-ssl (1.3.4)
      rack
    rack-test (0.6.2)
      rack (>= 1.0)
    rails (3.2.17)
      actionmailer (= 3.2.17)
      actionpack (= 3.2.17)
      activerecord (= 3.2.17)
      activeresource (= 3.2.17)
      activesupport (= 3.2.17)
      bundler (~> 1.0)
      railties (= 3.2.17)
    rails3-restful-authentication (3.0.1)
    rails_autolink (1.1.6)
      rails (> 3.1)
    railties (3.2.17)
      actionpack (= 3.2.17)
      activesupport (= 3.2.17)
      rack-ssl (~> 1.3.2)
      rake (>= 0.8.7)
      rdoc (~> 3.4)
      thor (>= 0.14.6, < 2.0)
    rake (10.3.2)
    rdf (1.1.4.1)
    rdf-n3 (1.1.1)
      rdf (~> 1.1, >= 1.1.4)
    rdf-raptor (1.2.0)
      ffi (>= 1.9.3)
      rdf (>= 1.1.0)
    rdf-turtle (1.1.4)
      ebnf (~> 0.3, >= 0.3.6)
      rdf (~> 1.1, >= 1.1.4)
    rdoc (3.12.2)
      json (~> 1.4)
    recaptcha (0.3.6)
    rmagick (2.13.1)
    rsolr (1.0.10)
      builder (>= 2.1.2)
    ruby-hmac (0.4.0)
    ruby-openid (2.1.8)
    rubyzip (0.9.9)
    sanitize (2.0.6)
      nokogiri (>= 1.4.4)
    simple-rss (1.2.3)
    sprockets (2.2.2)
      hike (~> 1.2)
      multi_json (~> 1.0)
      rack (~> 1.0)
      tilt (~> 1.1, != 1.3.0)
    sunspot (2.0.0)
      pr_geohash (~> 1.0)
      rsolr (~> 1.0.7)
    sunspot_rails (2.0.0)
      nokogiri
      sunspot (= 2.0.0)
    sunspot_solr (2.0.0)
    sxp (0.1.5)
    taverna-scufl (0.7.2)
      darkfish-rdoc (>= 1.1.5)
      rdoc (>= 2.4.3)
    taverna-t2flow (0.5.1)
      libxml-ruby (>= 1.1.4)
    thin (1.6.2)
      daemons (>= 1.0.9)
      eventmachine (>= 1.0.0)
      rack (>= 1.0.0)
    thor (0.19.1)
    tilt (1.4.1)
    treetop (1.4.15)
      polyglot
      polyglot (>= 0.3.1)
    tzinfo (0.3.39)
    wf4ever-transformation-client (0.3.1)
    will_paginate (3.0.6)

PLATFORMS
  ruby

DEPENDENCIES
  RedCloth (= 4.2.9)
  acts-as-taggable-on
  acts_as_commentable
  attr_encrypted (~> 1.3.3)
  auto_complete!
  country-select
  curb (~> 0.7.8)
  delayed_job_active_record
  dsl_accessor (~> 0.4.0)
  encrypted_strings (~> 0.3.3)
  htmlentities (~> 4.3.1)
  jquery-rails (~> 2.1)
  libxml-ruby (~> 2.7.0)
  marc (~> 0.4.3)
  mysql2
  net-http-persistent (~> 2.8)
  oauth (~> 0.4.3)
  oauth-plugin (~> 0.4.0)
  open_id_authentication
  openurl (~> 0.2.0)
  passenger (~> 3.0.19)
  prototype-rails
  psych
  rails (= 3.2.17)
  rails3-restful-authentication (~> 3.0.1)
  rails_autolink
  rdf
  rdf-n3
  rdf-raptor
  rdf-turtle
  recaptcha (~> 0.3.4)
  rmagick (= 2.13.1)
  ruby-hmac (~> 0.4.0)
  ruby-openid (~> 2.1.8)
  rubyzip (~> 0.9.4)
  sanitize (~> 2.0.6)
  simple-rss (~> 1.2.3)
  sunspot_rails (~> 2.0.0)
  sunspot_solr (~> 2.0.0)
  taverna-scufl (~> 0.7.2)
  taverna-t2flow (~> 0.5.0)
  thin
  wf4ever-transformation-client (~> 0.3.0)
  white_list!
  white_list_formatted_content!
  will_paginate (~> 3.0)
